GEM
  remote: https://rubygems.org/
  specs:
    activemodel (3.2.16)
      activesupport (= 3.2.16)
      builder (~> 3.0.0)
    activesupport (3.2.16)
      i18n (~> 0.6, >= 0.6.4)
      multi_json (~> 1.0)
    builder (3.0.4)
    climate_control (0.0.3)
      activesupport (>= 3.0)
    cocaine (0.5.3)
      climate_control (>= 0.0.3, < 1.0)
    diff-lcs (1.2.5)
    excon (0.31.0)
    fog (1.19.0)
      builder
      excon (~> 0.31.0)
      formatador (~> 0.2.0)
      mime-types
      multi_json (~> 1.0)
      net-scp (~> 1.1)
      net-ssh (>= 2.1.3)
      nokogiri (~> 1.5)
      ruby-hmac
    formatador (0.2.4)
    i18n (0.6.9)
    mime-types (2.1)
    mini_portile (0.5.2)
    mixlib-cli (1.4.0)
    mongoid (3.1.6)
      activemodel (~> 3.2)
      moped (~> 1.4)
      origin (~> 1.0)
      tzinfo (~> 0.3.29)
    mongoid-paperclip (0.0.8)
      paperclip (>= 2.3.6)
    mongoid_slug (3.2.0)
      mongoid (> 3.0)
      stringex (~> 2.0)
    moped (1.5.2)
    multi_json (1.8.4)
    net-scp (1.1.2)
      net-ssh (>= 2.6.5)
    net-ssh (2.8.0)
    nokogiri (1.6.1)
      mini_portile (~> 0.5.0)
    origin (1.1.0)
    paperclip (4.0.0)
      activemodel (>= 3.0.0)
      activesupport (>= 3.0.0)
      cocaine (~> 0.5.3)
      mime-types
    rack (1.5.2)
    rack-test (0.6.2)
      rack (>= 1.0)
    rspec (2.14.1)
      rspec-core (~> 2.14.0)
      rspec-expectations (~> 2.14.0)
      rspec-mocks (~> 2.14.0)
    rspec-core (2.14.7)
    rspec-expectations (2.14.5)
      diff-lcs (>= 1.1.3, < 2.0)
    rspec-mocks (2.14.5)
    ruby-hmac (0.4.0)
    sandi_meter (1.0.5)
      mixlib-cli
    sinatra (1.0)
      rack (>= 1.0)
    slim (2.0.2)
      temple (~> 0.6.6)
      tilt (>= 1.3.3, < 2.1)
    stringex (2.1.2)
    temple (0.6.7)
    tilt (2.0.0)
    tzinfo (0.3.38)

PLATFORMS
  ruby

DEPENDENCIES
  fog
  mongoid
  mongoid-paperclip
  mongoid_slug
  moped
  rack-test
  rspec
  sandi_meter
  sinatra
  slim
